GEM
  remote: https://rubygems.org/
  specs:
    dalli (2.7.5)

PLATFORMS
  ruby

DEPENDENCIES
  dalli

BUNDLED WITH
   1.10.6
